GEM
  remote: https://rubygems.org/
  specs:
    bitcoin-ruby (0.0.6)
    ffi (1.9.6)

PLATFORMS
  ruby

DEPENDENCIES
  bitcoin-ruby
  ffi
